GEM
  remote: https://rubygems.org/
  specs:
    daemons (1.1.9)
    eventmachine (1.0.3)
    iron_core (1.0.1)
      rest (>= 2.2.0)
    iron_mq (4.0.5)
      iron_core (>= 0.5.1)
    mime-types (2.0)
    net-http-persistent (2.9)
    parse-ruby-client (0.2.0)
      iron_mq
      patron
    patron (0.4.18)
    rack (1.5.2)
    rack-protection (1.5.1)
      rack
    rest (2.6.3)
      net-http-persistent
      rest-client (>= 0.3.0)
    rest-client (1.6.7)
      mime-types (>= 1.16)
    sinatra (1.4.4)
      rack (~> 1.4)
      rack-protection (~> 1.4)
      tilt (~> 1.3, >= 1.3.4)
    thin (1.6.1)
      daemons (>= 1.0.9)
      eventmachine (>= 1.0.0)
      rack (>= 1.0.0)
    tilt (1.4.1)

PLATFORMS
  ruby

DEPENDENCIES
  parse-ruby-client
  sinatra
  thin
