GEM
<<<<<<< HEAD
  remote: http://rubygems.org/
  specs:
    daemons (1.1.9)
    eventmachine (1.0.3)
    iron_core (1.0.1)
      rest (>= 2.2.0)
    iron_mq (4.0.3)
      iron_core (>= 0.5.1)
    mime-types (1.23)
    net-http-persistent (2.9)
    parse-ruby-client (0.1.15)
      iron_mq
      patron
    patron (0.4.18)
    rack (1.5.2)
    rack-protection (1.5.0)
      rack
    rest (2.6.3)
      net-http-persistent
      rest-client (>= 0.3.0)
    rest-client (1.6.7)
      mime-types (>= 1.16)
    sinatra (1.4.3)
      rack (~> 1.4)
=======
  remote: https://rubygems.org/
  specs:
    daemons (1.1.9)
    eventmachine (1.0.3)
    mime-types (1.19)
    rack (1.5.2)
    rack-protection (1.5.0)
      rack
    rest-client (1.6.7)
      mime-types (>= 1.16)
    sinatra (1.4.2)
      rack (~> 1.5, >= 1.5.2)
>>>>>>> 550ece36b32db59fc58b5cf8b051c0fd1b7e4d19
      rack-protection (~> 1.4)
      tilt (~> 1.3, >= 1.3.4)
    thin (1.5.1)
      daemons (>= 1.0.9)
      eventmachine (>= 0.12.6)
      rack (>= 1.0.0)
<<<<<<< HEAD
    tilt (1.4.1)
=======
    tilt (1.3.7)
>>>>>>> 550ece36b32db59fc58b5cf8b051c0fd1b7e4d19

PLATFORMS
  ruby

DEPENDENCIES
<<<<<<< HEAD
  parse-ruby-client
=======
  rest-client
>>>>>>> 550ece36b32db59fc58b5cf8b051c0fd1b7e4d19
  sinatra
  thin
